GEM
  remote: https://rubygems.org/
  specs:
    yard (0.8.7.4)

PLATFORMS
  ruby

DEPENDENCIES
  yard
